GIT
  remote: https://github.com/100hz/rails-settings.git
  revision: 330b958bc6a4a196a35ab190eec0ba917b411060
  specs:
    rails-settings (0.1.1)
      rails (>= 3.0.0)

GIT
  remote: https://github.com/francocatena/authlogic.git
  revision: 03e018fb91f36750bb69a64ae31a4e1266b05007
  specs:
    authlogic (2.1.6)
      activesupport

GIT
  remote: https://github.com/paneq/calendar_date_select.git
  revision: 8e7ec79435a68665df40b14bd90f47e6ac5e9135
  branch: rails3test
  specs:
    calendar_date_select (1.16.1)

GIT
  remote: https://github.com/thoughtbot/paperclip.git
  revision: 93753d5c4da6488cce82e5378997dc3f5478ceff
  specs:
    paperclip (2.3.10)
      activerecord (>= 2.3.0)
      activesupport (>= 2.3.2)

GEM
  remote: http://rubygems.org/
  specs:
    Ascii85 (1.0.0)
    RedCloth (4.2.7)
    aaronh-chronic (0.3.9)
    abstract (1.0.0)
    actionmailer (3.0.7)
      actionpack (= 3.0.7)
      mail (~> 2.2.15)
    actionpack (3.0.7)
      activemodel (= 3.0.7)
      activesupport (= 3.0.7)
      builder (~> 2.1.2)
      erubis (~> 2.6.6)
      i18n (~> 0.5.0)
      rack (~> 1.2.1)
      rack-mount (~> 0.6.14)
      rack-test (~> 0.5.7)
      tzinfo (~> 0.3.23)
    activemodel (3.0.7)
      activesupport (= 3.0.7)
      builder (~> 2.1.2)
      i18n (~> 0.5.0)
    activerecord (3.0.7)
      activemodel (= 3.0.7)
      activesupport (= 3.0.7)
      arel (~> 2.0.2)
      tzinfo (~> 0.3.23)
    activeresource (3.0.7)
      activemodel (= 3.0.7)
      activesupport (= 3.0.7)
    activesupport (3.0.7)
    ansi (1.2.3)
    arel (2.0.9)
    builder (2.1.2)
    capistrano (2.5.21)
      highline
      net-scp (>= 1.0.0)
      net-sftp (>= 2.0.0)
      net-ssh (>= 2.0.14)
      net-ssh-gateway (>= 1.0.0)
    cgi_multipart_eof_fix (2.5.0)
    columnize (0.3.2)
    cups (0.0.7)
    daemons (1.1.3)
    erubis (2.6.6)
      abstract (>= 1.0.0)
    fastthread (1.0.7)
    foreigner (0.9.2)
    gem_plugin (0.2.3)
    highline (1.6.1)
    i18n (0.5.0)
    linecache (0.43)
    mail (2.2.19)
      activesupport (>= 2.3.6)
      i18n (>= 0.4.0)
      mime-types (~> 1.16)
      treetop (~> 1.4.8)
    memcache-client (1.8.5)
    mime-types (1.16)
    mongrel (1.1.5)
      cgi_multipart_eof_fix (>= 2.4)
      daemons (>= 1.0.3)
      fastthread (>= 1.0.1)
      gem_plugin (>= 0.2.3)
    net-scp (1.0.4)
      net-ssh (>= 1.99.1)
    net-sftp (2.0.5)
      net-ssh (>= 2.0.9)
    net-ssh (2.1.4)
    net-ssh-gateway (1.0.1)
      net-ssh (>= 1.99.1)
    paper_trail (2.2.2)
      rails (~> 3)
    pdf-reader (0.9.2)
      Ascii85 (>= 0.9)
    pg (0.11.0)
    polyglot (0.3.1)
    rack (1.2.2)
    rack-mount (0.6.14)
      rack (>= 1.0.0)
    rack-test (0.5.7)
      rack (>= 1.0)
    rails (3.0.7)
      actionmailer (= 3.0.7)
      actionpack (= 3.0.7)
      activerecord (= 3.0.7)
      activeresource (= 3.0.7)
      activesupport (= 3.0.7)
      bundler (~> 1.0)
      railties (= 3.0.7)
    railties (3.0.7)
      actionpack (= 3.0.7)
      activesupport (= 3.0.7)
      rake (>= 0.8.7)
      thor (~> 0.14.4)
    rake (0.8.7)
    rghost (0.8.7.5)
    ruby-debug (0.10.4)
      columnize (>= 0.1)
      ruby-debug-base (~> 0.10.4.0)
    ruby-debug-base (0.10.4)
      linecache (>= 0.3)
    ruby-prof (0.10.5)
    simple_autocomplete (0.3.8)
    smurf (1.0.6)
    thor (0.14.6)
    timeliness (0.3.3)
    treetop (1.4.9)
      polyglot (>= 0.3.1)
    turn (0.8.2)
      ansi (>= 1.2.2)
    tzinfo (0.3.27)
    validates_timeliness (3.0.5)
      timeliness (~> 0.3.2)
    whenever (0.6.7)
      aaronh-chronic (>= 0.3.9)
      activesupport (>= 2.3.4)
    will_paginate (3.0.pre2)

PLATFORMS
  ruby

DEPENDENCIES
  RedCloth
  authlogic!
  calendar_date_select!
  capistrano
  cups
  foreigner
  memcache-client
  mongrel
  paper_trail
  paperclip!
  pdf-reader
  pg
  rails (= 3.0.7)
  rails-settings!
  rghost
  ruby-debug
  ruby-prof
  simple_autocomplete
  smurf
  turn
  validates_timeliness (~> 3.0)
  whenever
  will_paginate (~> 3.0.beta)
